PATH
  remote: .
  specs:
    colorant (0.1.3)
      color_namer
      trollop

GEM
  remote: http://rubygems.org/
  specs:
    aruba (0.2.4)
      background_process
      cucumber (~> 0.9.3)
    background_process (1.2)
    builder (2.1.2)
    color (1.4.1)
    color_namer (0.1.0)
      color (>= 1.4.1)
    cucumber (0.9.4)
      builder (~> 2.1.2)
      diff-lcs (~> 1.1.2)
      gherkin (~> 2.2.9)
      json (~> 1.4.6)
      term-ansicolor (~> 1.0.5)
    diff-lcs (1.1.2)
    gherkin (2.2.9)
      json (~> 1.4.6)
      term-ansicolor (~> 1.0.5)
    json (1.4.6)
    rspec (2.1.0)
      rspec-core (~> 2.1.0)
      rspec-expectations (~> 2.1.0)
      rspec-mocks (~> 2.1.0)
    rspec-core (2.1.0)
    rspec-expectations (2.1.0)
      diff-lcs (~> 1.1.2)
    rspec-mocks (2.1.0)
    simplecov (0.3.7)
      simplecov-html (>= 0.3.7)
    simplecov-html (0.3.9)
    term-ansicolor (1.0.5)
    trollop (1.16.2)

PLATFORMS
  ruby

DEPENDENCIES
  aruba
  bundler (>= 1.0.3)
  colorant!
  cucumber
  rspec
  simplecov
